PATH
  remote: .
  specs:
    podfile_generator (0.1.0)
      cocoapods-core (~> 1.2)

GEM
  remote: https://rubygems.org/
  specs:
    activesupport (5.2.0)
      concurrent-ruby (~> 1.0, >= 1.0.2)
      i18n (>= 0.7, < 2)
      minitest (~> 5.1)
      tzinfo (~> 1.1)
    cocoapods-core (1.5.3)
      activesupport (>= 4.0.2, < 6)
      fuzzy_match (~> 2.0.4)
      nap (~> 1.0)
    concurrent-ruby (1.0.5)
    fuzzy_match (2.0.4)
    i18n (1.0.1)
      concurrent-ruby (~> 1.0)
    minitest (5.11.3)
    nap (1.1.0)
    rake (10.5.0)
    thread_safe (0.3.6)
    tzinfo (1.2.5)
      thread_safe (~> 0.1)

PLATFORMS
  ruby

DEPENDENCIES
  bundler (~> 1.16)
  podfile_generator!
  rake (~> 10.0)

BUNDLED WITH
   1.16.1
